GEM
  remote: http://rubygems.org/
  specs:
    json (1.5.1)
    pg (0.11.0)
    queue_classic (0.3.1)
      json
      pg (>= 0.10.1)
    rack (1.2.2)
    sequel (3.23.0)
    sinatra (1.2.6)
      rack (~> 1.1)
      tilt (>= 1.2.2, < 2.0)
    tilt (1.3)

PLATFORMS
  ruby

DEPENDENCIES
  json
  pg
  queue_classic
  sequel
  sinatra
